GEM
  remote: https://rubygems.org/
  specs:
    power_assert (0.2.6)
    rack (1.6.4)
    rack-protection (1.5.3)
      rack
    rack-test (0.6.3)
      rack (>= 1.0)
    sinatra (1.4.6)
      rack (~> 1.4)
      rack-protection (~> 1.4)
      tilt (>= 1.3, < 3)
    test-unit (3.1.5)
      power_assert
    tilt (2.0.1)

PLATFORMS
  ruby

DEPENDENCIES
  rack-test (= 0.6.3)
  sinatra (= 1.4.6)
  test-unit (= 3.1.5)

BUNDLED WITH
   1.11.1
